GEM
  remote: http://rubygems.org/
  specs:
    addressable (2.8.0)
      public_suffix (>= 2.0.2, < 5.0)
    faraday (0.17.4)
      multipart-post (>= 1.2, < 3)
    faraday_middleware (0.14.0)
      faraday (>= 0.7.4, < 1.0)
    hashie (1.2.0)
    json (1.8.3)
    multi_json (1.15.0)
    multipart-post (2.1.1)
    netrc (0.7.9)
    octokit (1.23.0)
      addressable (~> 2.2)
      faraday (~> 0.8)
      faraday_middleware (~> 0.9)
      hashie (~> 1.2)
      multi_json (~> 1.3)
      netrc (~> 0.7.7)
    public_suffix (4.0.6)
    rack (1.6.13)
    rack-protection (1.5.5)
      rack
    sinatra (1.3.6)
      rack (~> 1.4)
      rack-protection (~> 1.3)
      tilt (~> 1.3, >= 1.3.3)
    sinatra_auth_github (0.13.3)
      sinatra (~> 1.0)
      warden-github (~> 0.13.1)
    tilt (1.4.1)
    warden (1.2.7)
      rack (>= 1.0)
    warden-github (0.13.2)
      octokit (>= 1.22.0)
      warden (> 1.0)

PLATFORMS
  ruby

DEPENDENCIES
  json (~> 1.8)
  octokit (~> 1.23.0)
  sinatra (~> 1.3.5)
  sinatra_auth_github (~> 0.13.3)

BUNDLED WITH
   1.17.3
