GEM
  remote: http://rubygems.org/
  specs:
    json (1.8.3)
    mime-types (1.21)
    mustermann (1.1.1)
      ruby2_keywords (~> 0.0.1)
    rack (2.2.2)
    rack-protection (2.0.8.1)
      rack
    rest-client (1.6.7)
      mime-types (>= 1.16)
    ruby2_keywords (0.0.2)
    sinatra (2.0.8.1)
      mustermann (~> 1.0)
      rack (~> 2.0)
      rack-protection (= 2.0.8.1)
      tilt (~> 2.0)
    tilt (2.0.10)

PLATFORMS
  ruby

DEPENDENCIES
  json (~> 1.8)
  rest-client (~> 1.6.3)
  sinatra (~> 2.0.0)

BUNDLED WITH
   1.17.3
