GEM
  remote: http://rubygems.org/
  specs:
    addressable (2.3.6)
    faraday (0.9.0)
      multipart-post (>= 1.2, < 3)
    json (1.8.3)
    multipart-post (2.0.0)
    mustermann (1.1.1)
      ruby2_keywords (~> 0.0.1)
    octokit (3.0.0)
      sawyer (~> 0.5.3)
    rack (2.2.3)
    rack-protection (2.0.8.1)
      rack
    ruby2_keywords (0.0.2)
    sawyer (0.5.4)
      addressable (~> 2.3.5)
      faraday (~> 0.8, < 0.10)
    shotgun (0.9.2)
      rack (>= 1.0)
    sinatra (2.0.8.1)
      mustermann (~> 1.0)
      rack (~> 2.0)
      rack-protection (= 2.0.8.1)
      tilt (~> 2.0)
    tilt (2.0.10)

PLATFORMS
  ruby

DEPENDENCIES
  json (~> 1.8)
  octokit (~> 3.0)
  shotgun (>= 0.9)
  sinatra (~> 2.0.0)

BUNDLED WITH
   1.17.3
